PATH
  remote: .
  specs:
    battlesnake (0.1.0)

GEM
  remote: https://rubygems.org/
  specs:
    coderay (1.1.2)
    method_source (0.9.0)
    pry (0.11.3)
      coderay (~> 1.1.0)
      method_source (~> 0.9.0)
    rack (2.0.5)
    rake (10.5.0)
    roda (3.8.0)
      rack

PLATFORMS
  ruby

DEPENDENCIES
  battlesnake!
  bundler (~> 1.16)
  pry
  rake (~> 10.0)
  roda

BUNDLED WITH
   1.16.1
